GEM
  remote: http://rubygems.org/
  specs:
    addressable (2.2.6)
    builder (3.0.0)
    crack (0.3.1)
    faraday (0.7.5)
      addressable (~> 2.2.6)
      multipart-post (~> 1.1.3)
      rack (>= 1.1.0, < 2)
    multipart-post (1.1.4)
    oauth (0.4.5)
    rack (1.4.0)
    simple_oauth (0.1.5)
    webmock (1.7.8)
      addressable (~> 2.2, > 2.2.5)
      crack (>= 0.1.7)

PLATFORMS
  ruby

DEPENDENCIES
  builder
  faraday
  oauth
  simple_oauth
  webmock
